GIT
  remote: https://github.com/edgecase/middleman-gh-pages.git
  revision: 686f4f037de583ae27a7ef92d98f01e8be355717
  branch: master
  specs:
    middleman-gh-pages (0.4.1)
      rake (> 0.9.3)

GEM
  remote: https://rubygems.org/
  specs:
    activesupport (5.2.8.1)
      concurrent-ruby (~> 1.0, >= 1.0.2)
      i18n (>= 0.7, < 2)
      minitest (~> 5.1)
      tzinfo (~> 1.1)
    addressable (2.8.3)
      public_suffix (>= 2.0.2, < 6.0)
    backports (3.24.0)
    coffee-script (2.4.1)
      coffee-script-source
      execjs
    coffee-script-source (1.12.2)
    colorize (0.8.1)
    concurrent-ruby (1.2.2)
    contracts (0.16.1)
    dotenv (2.8.1)
    erubis (2.7.0)
    execjs (2.8.1)
    fastimage (2.2.6)
    ffi (1.15.5)
    haml (6.1.1)
      temple (>= 0.8.2)
      thor
      tilt
    hamster (3.0.0)
      concurrent-ruby (~> 1.0)
    hashie (3.6.0)
    httparty (0.21.0)
      mini_mime (>= 1.0.0)
      multi_xml (>= 0.5.2)
    i18n (0.9.5)
      concurrent-ruby (~> 1.0)
    kramdown (1.17.0)
    listen (3.8.0)
      rb-fsevent (~> 0.10, >= 0.10.3)
      rb-inotify (~> 0.9, >= 0.9.10)
    memoist (0.16.2)
    middleman (5.0.0.rc.1)
      coffee-script (~> 2.2)
      haml (>= 4.0.5)
      kramdown (~> 1.2)
      middleman-cli (= 5.0.0.rc.1)
      middleman-core (= 5.0.0.rc.1)
    middleman-cli (5.0.0.rc.1)
      thor (>= 0.17.0, < 2.0)
    middleman-core (5.0.0.rc.1)
      activesupport (~> 5.2)
      addressable (~> 2.3)
      backports (~> 3.11)
      bundler
      contracts (~> 0.16.0)
      dotenv
      erubis
      execjs (~> 2.0)
      fastimage (~> 2.0)
      hamster (~> 3.0)
      hashie (~> 3.4)
      i18n (~> 0.9.0)
      listen (~> 3.0)
      memoist (~> 0.14)
      oj (~> 3.7)
      padrino-helpers (~> 0.14.4)
      parallel
      rack (>= 1.4.5, < 3)
      rgl (~> 0.5.3)
      sassc (~> 2.0)
      servolux
      tilt (~> 2.0.9)
      uglifier (~> 4.1)
    mini_mime (1.1.2)
    minitest (5.18.0)
    multi_xml (0.6.0)
    oj (3.14.2)
    padrino-helpers (0.14.4)
      i18n (~> 0.6, >= 0.6.7)
      padrino-support (= 0.14.4)
      tilt (>= 1.4.1, < 3)
    padrino-support (0.14.4)
    pairing_heap (3.0.0)
    parallel (1.22.1)
    psych (3.0.2)
    public_suffix (5.0.1)
    rack (2.2.6.4)
    rake (13.0.6)
    rb-fsevent (0.11.2)
    rb-inotify (0.10.1)
      ffi (~> 1.0)
    rexml (3.2.5)
    rgl (0.5.10)
      pairing_heap (>= 0.3.0)
      rexml (~> 3.2, >= 3.2.4)
      stream (~> 0.5.3)
    sassc (2.4.0)
      ffi (~> 1.9)
    servolux (0.13.0)
    stream (0.5.5)
    temple (0.10.0)
    thor (1.2.1)
    thread_safe (0.3.6)
    tilt (2.0.11)
    tzinfo (1.2.11)
      thread_safe (~> 0.1)
    uglifier (4.2.0)
      execjs (>= 0.3.0, < 3)

PLATFORMS
  ruby

DEPENDENCIES
  colorize
  httparty (>= 0.21.0)
  middleman (>= 4.4.0)
  middleman-gh-pages!
  psych

BUNDLED WITH
   1.17.3
